GEM
  remote: https://rubygems.org/
  specs:
    rack (2.2.3)
    test_bench (1.2.0.8)
      test_bench-fixture (>= 1.0.0.0)
    test_bench-fixture (1.4.0.1)
    webrick (1.7.0)

PLATFORMS
  x86_64-darwin-19

DEPENDENCIES
  rack
  test_bench
  webrick

BUNDLED WITH
   2.2.22
